FRAMEWORK: NET452
NUGET
  remote: https://www.nuget.org/api/v2
    Argu (3.4)
    Expecto (2.0)
      Argu (>= 3.2)
      FSharp.Core (>= 3.1.2.5)
    FSharp.Core (4.0.0.1)
    NuGet.CommandLine (3.4.3)
