NUGET
  remote: https://www.nuget.org/api/v2
    FSharp.Core (4.0.0.1)
    NuGet.CommandLine (3.4.3)
